PATH
  remote: .
  specs:
    tamatebako (0.0.1)
      bcrypt-ruby
      curb
      gli
      nokogiri
      socksify

GEM
  remote: http://rubygems.org/
  specs:
    bcrypt-ruby (3.0.1)
    curb (0.8.1)
    gli (1.6.0)
    json (1.6.1)
    nokogiri (1.5.5)
    rake (0.9.2.2)
    rdoc (3.11)
      json (~> 1.4)
    socksify (1.5.0)

PLATFORMS
  ruby

DEPENDENCIES
  rake
  rdoc
  tamatebako!
