PATH
  remote: .
  specs:
    tamatebako (0.0.1)
      gli
      socksify

GEM
  remote: http://rubygems.org/
  specs:
    gli (1.6.0)
    json (1.6.1)
    rake (0.9.2.2)
    rdoc (3.11)
      json (~> 1.4)
    socksify (1.4.1)

PLATFORMS
  ruby

DEPENDENCIES
  rake
  rdoc
  tamatebako!
